GEM
  remote: http://rubygems.org/
  specs:
    hoe (2.12.3)
      rake (~> 0.8)
    hoe-gemspec (1.0.0)
      hoe (>= 2.2.0)
    rake (0.9.2)
    rdoc (3.9.3)
    rspec (1.3.2)
    ruby_parser (2.2.0)
      sexp_processor (~> 3.0)
    sexp_processor (3.0.6)

PLATFORMS
  ruby

DEPENDENCIES
  hoe
  hoe-gemspec
  rake
  rdoc
  rspec
  ruby_parser
